GEM
  remote: https://rubygems.org/
  specs:
    backport (1.2.0)
    readapt (2.0.0)
      backport (~> 1.2)
      thor (~> 1.0)
    thor (1.3.2)

PLATFORMS
  x86_64-linux

DEPENDENCIES
  readapt

BUNDLED WITH
   2.3.3
